PATH
  remote: .
  specs:
    roqs (0.1.0)
      teLogger (~> 0.2)
      toolrack (~> 0.23)

GEM
  remote: https://rubygems.org/
  specs:
    diff-lcs (1.5.0)
    rake (13.1.0)
    rspec (3.12.0)
      rspec-core (~> 3.12.0)
      rspec-expectations (~> 3.12.0)
      rspec-mocks (~> 3.12.0)
    rspec-core (3.12.2)
      rspec-support (~> 3.12.0)
    rspec-expectations (3.12.3)
      diff-lcs (>= 1.2.0, < 2.0)
      rspec-support (~> 3.12.0)
    rspec-mocks (3.12.6)
      diff-lcs (>= 1.2.0, < 2.0)
      rspec-support (~> 3.12.0)
    rspec-support (3.12.1)
    teLogger (0.2.2)
    toolrack (0.23.3)

PLATFORMS
  x86_64-linux

DEPENDENCIES
  rake (~> 13.0)
  roqs!
  rspec (~> 3.0)

BUNDLED WITH
   2.4.20
